PATH
  remote: .
  specs:
    string_stubber (0.0.2)
      yard (~> 0.6)

GEM
  remote: http://rubygems.org/
  specs:
    diff-lcs (1.1.2)
    rspec (2.4.0)
      rspec-core (~> 2.4.0)
      rspec-expectations (~> 2.4.0)
      rspec-mocks (~> 2.4.0)
    rspec-core (2.4.0)
    rspec-expectations (2.4.0)
      diff-lcs (~> 1.1.2)
    rspec-mocks (2.4.0)
    yard (0.6.4)

PLATFORMS
  java
  ruby

DEPENDENCIES
  rspec (~> 2.4)
  string_stubber!
